PATH
  remote: .
  specs:
    rad_hoc (0.0.1)
      activerecord (~> 4.2)
      activesupport (~> 4.2)
      arel (~> 6.0)
      axlsx (~> 2.0)

GEM
  remote: https://rubygems.org/
  specs:
    activemodel (4.2.7)
      activesupport (= 4.2.7)
      builder (~> 3.1)
    activerecord (4.2.7)
      activemodel (= 4.2.7)
      activesupport (= 4.2.7)
      arel (~> 6.0)
    activesupport (4.2.7)
      i18n (~> 0.7)
      json (~> 1.7, >= 1.7.7)
      minitest (~> 5.1)
      thread_safe (~> 0.3, >= 0.3.4)
      tzinfo (~> 1.1)
    arel (6.0.3)
    axlsx (2.0.1)
      htmlentities (~> 4.3.1)
      nokogiri (>= 1.4.1)
      rubyzip (~> 1.0.0)
    binding_of_caller (0.7.2)
      debug_inspector (>= 0.0.1)
    builder (3.2.2)
    coderay (1.1.1)
    debug_inspector (0.0.2)
    diff-lcs (1.2.5)
    docile (1.1.5)
    factory_girl (4.7.0)
      activesupport (>= 3.0.0)
    htmlentities (4.3.4)
    i18n (0.7.0)
    interception (0.5)
    json (1.8.3)
    method_source (0.8.2)
    mini_portile2 (2.1.0)
    minitest (5.9.0)
    nokogiri (1.6.8)
      mini_portile2 (~> 2.1.0)
      pkg-config (~> 1.1.7)
    pkg-config (1.1.7)
    pry (0.10.4)
      coderay (~> 1.1.0)
      method_source (~> 0.8.1)
      slop (~> 3.4)
    pry-rescue (1.4.4)
      interception (>= 0.5)
      pry
    pry-stack_explorer (0.4.9.2)
      binding_of_caller (>= 0.7)
      pry (>= 0.9.11)
    rspec (3.5.0)
      rspec-core (~> 3.5.0)
      rspec-expectations (~> 3.5.0)
      rspec-mocks (~> 3.5.0)
    rspec-core (3.5.1)
      rspec-support (~> 3.5.0)
    rspec-expectations (3.5.0)
      diff-lcs (>= 1.2.0, < 2.0)
      rspec-support (~> 3.5.0)
    rspec-mocks (3.5.0)
      diff-lcs (>= 1.2.0, < 2.0)
      rspec-support (~> 3.5.0)
    rspec-support (3.5.0)
    rubyzip (1.0.0)
    simplecov (0.12.0)
      docile (~> 1.1.0)
      json (>= 1.8, < 3)
      simplecov-html (~> 0.10.0)
    simplecov-html (0.10.0)
    slop (3.6.0)
    sqlite3 (1.3.11)
    thread_safe (0.3.5)
    tzinfo (1.2.2)
      thread_safe (~> 0.1)

PLATFORMS
  ruby

DEPENDENCIES
  factory_girl (~> 4.7)
  pry
  pry-rescue
  pry-stack_explorer
  rad_hoc!
  rspec (~> 3.5)
  simplecov (~> 0.12)
  sqlite3 (~> 1.3)

BUNDLED WITH
   1.12.5
